PATH
  remote: .
  specs:
    access_control_rails (0.0.1)
      activerecord (>= 5.0)

GEM
  remote: https://rubygems.org/
  specs:
    activemodel (5.1.5)
      activesupport (= 5.1.5)
    activerecord (5.1.5)
      activemodel (= 5.1.5)
      activesupport (= 5.1.5)
      arel (~> 8.0)
    activesupport (5.1.5)
      concurrent-ruby (~> 1.0, >= 1.0.2)
      i18n (~> 0.7)
      minitest (~> 5.1)
      tzinfo (~> 1.1)
    arel (8.0.0)
    coderay (1.1.2)
    concurrent-ruby (1.0.5)
    database_cleaner (1.5.3)
    i18n (0.9.5)
      concurrent-ruby (~> 1.0)
    method_source (0.9.0)
    minitest (5.11.3)
    pry (0.11.3)
      coderay (~> 1.1.0)
      method_source (~> 0.9.0)
    rake (10.5.0)
    sqlite3 (1.3.13)
    thread_safe (0.3.6)
    tzinfo (1.2.5)
      thread_safe (~> 0.1)

PLATFORMS
  ruby

DEPENDENCIES
  access_control_rails!
  bundler (~> 1.16)
  database_cleaner
  minitest (~> 5.0)
  pry
  rake (~> 10.0)
  sqlite3

RUBY VERSION
   ruby 2.4.2p198

BUNDLED WITH
   1.16.1
